PATH
  remote: .
  specs:
    svelte-ruby (1.0)
      execjs (~> 2.8)

GEM
  remote: https://rubygems.org/
  specs:
    ansi (1.5.0)
    builder (3.2.4)
    execjs (2.8.1)
    minitest (5.14.4)
    minitest-reporters (1.4.3)
      ansi
      builder
      minitest (>= 5.0)
      ruby-progressbar
    rake (13.0.3)
    ruby-progressbar (1.11.0)

PLATFORMS
  ruby

DEPENDENCIES
  minitest (~> 5.14)
  minitest-reporters
  rake
  svelte-ruby!

BUNDLED WITH
   2.1.4
